GEM
  remote: https://rubygems.org/
  specs:
    attribute-driven (1.0.2)
    daemons (1.0.10)
    diff-lcs (1.3)
    gem_plugin (0.2.3)
    innate (2015.10.28)
      rack (~> 1.6.4)
    mini_portile2 (2.4.0)
    mongrel (1.2.0.pre2)
      daemons (~> 1.0.10)
      gem_plugin (~> 0.2.3)
    nokogiri (1.10.5)
      mini_portile2 (~> 2.4.0)
    rack (1.6.11)
    rake (13.0.1)
    ramaze (2012.12.08)
      innate (>= 2012.12)
      rake
    retry-this (1.1)
    rspec (3.9.0)
      rspec-core (~> 3.9.0)
      rspec-expectations (~> 3.9.0)
      rspec-mocks (~> 3.9.0)
    rspec-core (3.9.0)
      rspec-support (~> 3.9.0)
    rspec-expectations (3.9.0)
      diff-lcs (>= 1.2.0, < 2.0)
      rspec-support (~> 3.9.0)
    rspec-mocks (3.9.0)
      diff-lcs (>= 1.2.0, < 2.0)
      rspec-support (~> 3.9.0)
    rspec-support (3.9.0)

PLATFORMS
  ruby

DEPENDENCIES
  attribute-driven
  mongrel (= 1.2.0.pre2)
  nokogiri (>= 1.10.4)
  ramaze
  retry-this
  rspec

BUNDLED WITH
   2.0.2
